GEM
  remote: https://rubygems.org/
  specs:
    bourbon (4.2.6)
      sass (~> 3.4)
      thor (~> 0.19)
    celluloid (0.16.0)
      timers (~> 4.0.0)
    colorator (0.1)
    ffi (1.9.10)
    haml (4.0.7)
      tilt
    hitimes (1.2.2)
    jekyll (3.0.1)
      colorator (~> 0.1)
      jekyll-sass-converter (~> 1.0)
      jekyll-watch (~> 1.1)
      kramdown (~> 1.3)
      liquid (~> 3.0)
      mercenary (~> 0.3.3)
      rouge (~> 1.7)
      safe_yaml (~> 1.0)
    jekyll-sass-converter (1.3.0)
      sass (~> 3.2)
    jekyll-watch (1.2.1)
      listen (~> 2.7)
    kramdown (1.8.0)
    liquid (3.0.6)
    listen (2.10.1)
      celluloid (~> 0.16.0)
      rb-fsevent (>= 0.9.3)
      rb-inotify (>= 0.9)
    mercenary (0.3.5)
    neat (1.7.2)
      bourbon (>= 4.0)
      sass (>= 3.3)
    rb-fsevent (0.9.6)
    rb-inotify (0.9.5)
      ffi (>= 0.5.0)
    rouge (1.10.1)
    safe_yaml (1.0.4)
    sass (3.4.20)
    thor (0.19.1)
    tilt (2.0.1)
    timers (4.0.4)
      hitimes

PLATFORMS
  ruby

DEPENDENCIES
  haml (~> 4.0.7)
  jekyll (~> 3.0.1)
  neat (~> 1.7.2)

BUNDLED WITH
   1.10.6
